GEM
  remote: https://rubygems.org/
  specs:
    mini_portile (0.6.2)
    nokogiri (1.6.6.2)
      mini_portile (~> 0.6.0)
    roo (2.0.0)
      nokogiri (~> 1)
      rubyzip (~> 1.1, < 2.0.0)
    rubyzip (1.1.7)

PLATFORMS
  ruby

DEPENDENCIES
  roo
