GEM
  remote: https://rubygems.org/
  specs:
    json (1.8.2)
    mini_portile (0.6.2)
    nokogiri (1.6.6.2)
      mini_portile (~> 0.6.0)
    roo (2.0.0)
      nokogiri (~> 1)
      rubyzip (~> 1.1, < 2.0.0)
    rubytree (0.9.4)
      json (~> 1.8)
      structured_warnings (~> 0.1)
    rubyzip (1.1.7)
    structured_warnings (0.2.0)

PLATFORMS
  ruby

DEPENDENCIES
  roo
  rubytree
